PATH
  remote: .
  specs:
    challenge (0.0.0)
      optimist (~> 3.0.0)
      sinatra (~> 2.0.5)
      sinatra-contrib (~> 2.0.5)
      singlogger (~> 0.0.0)
      thin (~> 1.7.2)

GEM
  remote: https://rubygems.org/
  specs:
    backports (3.12.0)
    daemons (1.3.1)
    docile (1.1.5)
    eventmachine (1.2.7)
    json (2.1.0)
    multi_json (1.13.1)
    mustermann (1.0.3)
    optimist (3.0.0)
    power_assert (1.1.3)
    rack (2.0.6)
    rack-protection (2.0.5)
      rack
    rake (10.5.0)
    simplecov (0.14.1)
      docile (~> 1.1.0)
      json (>= 1.8, < 3)
      simplecov-html (~> 0.10.0)
    simplecov-html (0.10.2)
    sinatra (2.0.5)
      mustermann (~> 1.0)
      rack (~> 2.0)
      rack-protection (= 2.0.5)
      tilt (~> 2.0)
    sinatra-contrib (2.0.5)
      backports (>= 2.8.2)
      multi_json
      mustermann (~> 1.0)
      rack-protection (= 2.0.5)
      sinatra (= 2.0.5)
      tilt (>= 1.3, < 3)
    singlogger (0.0.1)
    test-unit (3.2.9)
      power_assert
    thin (1.7.2)
      daemons (~> 1.0, >= 1.0.9)
      eventmachine (~> 1.0, >= 1.0.4)
      rack (>= 1, < 3)
    tilt (2.0.9)

PLATFORMS
  ruby

DEPENDENCIES
  bundler (~> 1.11)
  challenge!
  rake (~> 10.0)
  simplecov (~> 0.14.1)
  test-unit (~> 3.2.8)

BUNDLED WITH
   1.17.1
