GEM
  specs:
    base32 (0.3.2)

PLATFORMS
  ruby

DEPENDENCIES
  base32

BUNDLED WITH
   2.0.1
